STORAGE: NONE
RESTRICTION: || (== netcoreapp3.1) (== netstandard2.0) (== xamarinmac)
NUGET
  remote: https://api.nuget.org/v3/index.json
    BenchmarkDotNet (0.12.1)
      BenchmarkDotNet.Annotations (>= 0.12.1)
      CommandLineParser (>= 2.4.3)
      Iced (>= 1.4)
      Microsoft.CodeAnalysis.CSharp (>= 2.10)
      Microsoft.Diagnostics.NETCore.Client (>= 0.2.61701)
      Microsoft.Diagnostics.Runtime (>= 1.1.57604)
      Microsoft.Diagnostics.Tracing.TraceEvent (>= 2.0.49)
      Microsoft.DotNet.PlatformAbstractions (>= 2.1)
      Microsoft.Win32.Registry (>= 4.5)
      Perfolizer (>= 0.2.1)
      System.Management (>= 4.5)
      System.Reflection.Emit (>= 4.3)
      System.Reflection.Emit.Lightweight (>= 4.3)
      System.Threading.Tasks.Extensions (>= 4.5.2)
      System.ValueTuple (>= 4.5)
    BenchmarkDotNet.Annotations (0.12.1)
    CommandLineParser (2.8)
    DotLiquid (2.1.405)
    Expecto (9.0.2)
      FSharp.Core (>= 4.6)
      Mono.Cecil (>= 0.11.2)
    Expecto.BenchmarkDotNet (9.0.2)
      BenchmarkDotNet (>= 0.12.1)
      FSharp.Core (>= 4.6)
    Expecto.FsCheck (9.0.2)
      Expecto (>= 9.0.2)
      FsCheck (>= 2.14.2)
    FsCheck (2.15.1)
      FSharp.Core (>= 4.2.3)
    FSharp.Core (5.0.1)
    Iced (1.9)
    Libuv (1.10)
      Microsoft.NETCore.Platforms (>= 1.0.1)
    Microsoft.Bcl.AsyncInterfaces (5.0)
      System.Threading.Tasks.Extensions (>= 4.5.4) - restriction: || (&& (== netcoreapp3.1) (>= net461)) (&& (== netcoreapp3.1) (< netcoreapp2.1) (< netstandard2.1)) (== netstandard2.0) (== xamarinmac)
    Microsoft.CodeAnalysis.Analyzers (3.3.2)
    Microsoft.CodeAnalysis.Common (3.8)
      Microsoft.CodeAnalysis.Analyzers (>= 3.0)
      System.Collections.Immutable (>= 5.0)
      System.Memory (>= 4.5.4)
      System.Reflection.Metadata (>= 5.0)
      System.Runtime.CompilerServices.Unsafe (>= 4.7.1)
      System.Text.Encoding.CodePages (>= 4.5.1)
      System.Threading.Tasks.Extensions (>= 4.5.4)
    Microsoft.CodeAnalysis.CSharp (3.8)
      Microsoft.CodeAnalysis.Common (3.8)
    Microsoft.Diagnostics.NETCore.Client (0.2.152202)
      Microsoft.Bcl.AsyncInterfaces (>= 1.1)
    Microsoft.Diagnostics.Runtime (2.0.156101)
      Microsoft.Diagnostics.NETCore.Client (>= 0.2.61701)
      System.Buffers (>= 4.5.1)
      System.Collections.Immutable (>= 1.7.1)
      System.Memory (>= 4.5.4)
      System.Reflection.Metadata (>= 1.8.1)
      System.Runtime.CompilerServices.Unsafe (>= 4.7.1)
    Microsoft.Diagnostics.Tracing.TraceEvent (2.0.62)
      System.Runtime.CompilerServices.Unsafe (>= 4.5.2)
    Microsoft.DotNet.PlatformAbstractions (3.1.6)
    Microsoft.NETCore.Platforms (5.0)
    Microsoft.NETCore.Targets (5.0) - restriction: || (== netcoreapp3.1) (== netstandard2.0) (&& (== xamarinmac) (>= netcoreapp5.0)) (&& (== xamarinmac) (< netstandard1.2)) (&& (== xamarinmac) (< netstandard1.3))
    Microsoft.Win32.Registry (5.0)
      System.Buffers (>= 4.5.1) - restriction: || (&& (== netcoreapp3.1) (>= monoandroid)) (&& (== netcoreapp3.1) (>= monotouch)) (&& (== netcoreapp3.1) (< netcoreapp2.0)) (&& (== netcoreapp3.1) (>= xamarinios)) (&& (== netcoreapp3.1) (>= xamarinmac)) (&& (== netcoreapp3.1) (>= xamarintvos)) (&& (== netcoreapp3.1) (>= xamarinwatchos)) (== netstandard2.0) (== xamarinmac)
      System.Memory (>= 4.5.4) - restriction: || (&& (== netcoreapp3.1) (< netcoreapp2.0)) (&& (== netcoreapp3.1) (< netcoreapp2.1)) (&& (== netcoreapp3.1) (>= uap10.1)) (== netstandard2.0) (&& (== xamarinmac) (>= netcoreapp2.0)) (&& (== xamarinmac) (>= uap10.1))
      System.Security.AccessControl (>= 5.0)
      System.Security.Principal.Windows (>= 5.0)
    Mono.Cecil (0.11.3)
    Perfolizer (0.2.1)
      System.Memory (>= 4.5.3)
    System.Buffers (4.5.1)
    System.CodeDom (5.0)
    System.Collections (4.3) - restriction: || (== netcoreapp3.1) (== netstandard2.0) (&& (== xamarinmac) (>= netcoreapp5.0))
      Microsoft.NETCore.Platforms (>= 1.1) - restriction: || (== netcoreapp3.1) (== netstandard2.0) (&& (== xamarinmac) (>= netcoreapp5.0)) (&& (== xamarinmac) (< netstandard1.3))
      Microsoft.NETCore.Targets (>= 1.1) - restriction: || (== netcoreapp3.1) (== netstandard2.0) (&& (== xamarinmac) (>= netcoreapp5.0)) (&& (== xamarinmac) (< netstandard1.3))
      System.Runtime (>= 4.3) - restriction: || (== netcoreapp3.1) (== netstandard2.0) (&& (== xamarinmac) (>= netcoreapp5.0)) (&& (== xamarinmac) (< netstandard1.3))
    System.Collections.Concurrent (4.3) - restriction: || (== netcoreapp3.1) (== netstandard2.0) (&& (== xamarinmac) (>= netcoreapp5.0))
      System.Collections (>= 4.3) - restriction: || (== netcoreapp3.1) (== netstandard2.0) (&& (== xamarinmac) (>= netcoreapp5.0))
      System.Diagnostics.Debug (>= 4.3) - restriction: || (== netcoreapp3.1) (== netstandard2.0) (&& (== xamarinmac) (>= netcoreapp5.0))
      System.Diagnostics.Tracing (>= 4.3) - restriction: || (== netcoreapp3.1) (== netstandard2.0) (&& (== xamarinmac) (>= netcoreapp5.0))
      System.Globalization (>= 4.3) - restriction: || (== netcoreapp3.1) (== netstandard2.0) (&& (== xamarinmac) (>= netcoreapp5.0))
      System.Reflection (>= 4.3) - restriction: || (== netcoreapp3.1) (== netstandard2.0)
      System.Resources.ResourceManager (>= 4.3) - restriction: || (== netcoreapp3.1) (== netstandard2.0) (&& (== xamarinmac) (>= netcoreapp5.0))
      System.Runtime (>= 4.3) - restriction: || (== netcoreapp3.1) (== netstandard2.0) (&& (== xamarinmac) (>= netcoreapp5.0)) (&& (== xamarinmac) (< netstandard1.3))
      System.Runtime.Extensions (>= 4.3) - restriction: || (== netcoreapp3.1) (== netstandard2.0) (&& (== xamarinmac) (>= netcoreapp5.0))
      System.Threading (>= 4.3) - restriction: || (== netcoreapp3.1) (== netstandard2.0) (&& (== xamarinmac) (>= netcoreapp5.0))
      System.Threading.Tasks (>= 4.3) - restriction: || (== netcoreapp3.1) (== netstandard2.0) (&& (== xamarinmac) (>= netcoreapp5.0)) (&& (== xamarinmac) (< netstandard1.3))
    System.Collections.Immutable (5.0)
      System.Memory (>= 4.5.4) - restriction: || (&& (== netcoreapp3.1) (>= net461)) (&& (== netcoreapp3.1) (< netcoreapp2.1)) (&& (== netcoreapp3.1) (< netstandard2.0)) (&& (== netcoreapp3.1) (>= uap10.1)) (== netstandard2.0) (&& (== xamarinmac) (>= net461)) (&& (== xamarinmac) (< netstandard2.0)) (&& (== xamarinmac) (>= uap10.1))
    System.Diagnostics.Debug (4.3) - restriction: || (== netcoreapp3.1) (== netstandard2.0) (&& (== xamarinmac) (>= netcoreapp5.0))
      Microsoft.NETCore.Platforms (>= 1.1) - restriction: || (== netcoreapp3.1) (== netstandard2.0) (&& (== xamarinmac) (>= netcoreapp5.0)) (&& (== xamarinmac) (< netstandard1.3))
      Microsoft.NETCore.Targets (>= 1.1) - restriction: || (== netcoreapp3.1) (== netstandard2.0) (&& (== xamarinmac) (>= netcoreapp5.0)) (&& (== xamarinmac) (< netstandard1.3))
      System.Runtime (>= 4.3) - restriction: || (== netcoreapp3.1) (== netstandard2.0) (&& (== xamarinmac) (>= netcoreapp5.0)) (&& (== xamarinmac) (< netstandard1.3))
    System.Diagnostics.Tools (4.3) - restriction: || (== netcoreapp3.1) (== netstandard2.0) (&& (== xamarinmac) (>= netcoreapp5.0))
      Microsoft.NETCore.Platforms (>= 1.1) - restriction: || (== netcoreapp3.1) (== netstandard2.0) (&& (== xamarinmac) (>= netcoreapp5.0))
      Microsoft.NETCore.Targets (>= 1.1) - restriction: || (== netcoreapp3.1) (== netstandard2.0) (&& (== xamarinmac) (>= netcoreapp5.0))
      System.Runtime (>= 4.3) - restriction: || (== netcoreapp3.1) (== netstandard2.0) (&& (== xamarinmac) (>= netcoreapp5.0))
    System.Diagnostics.Tracing (4.3) - restriction: || (== netcoreapp3.1) (== netstandard2.0) (&& (== xamarinmac) (>= netcoreapp5.0))
      Microsoft.NETCore.Platforms (>= 1.1) - restriction: || (== netcoreapp3.1) (== netstandard2.0) (&& (== xamarinmac) (>= netcoreapp5.0)) (&& (== xamarinmac) (< netstandard1.2)) (&& (== xamarinmac) (< netstandard1.3)) (&& (== xamarinmac) (< netstandard1.5))
      Microsoft.NETCore.Targets (>= 1.1) - restriction: || (== netcoreapp3.1) (== netstandard2.0) (&& (== xamarinmac) (>= netcoreapp5.0)) (&& (== xamarinmac) (< netstandard1.2)) (&& (== xamarinmac) (< netstandard1.3)) (&& (== xamarinmac) (< netstandard1.5))
      System.Runtime (>= 4.3) - restriction: || (== netcoreapp3.1) (== netstandard2.0) (&& (== xamarinmac) (>= netcoreapp5.0)) (&& (== xamarinmac) (< netstandard1.2)) (&& (== xamarinmac) (< netstandard1.3)) (&& (== xamarinmac) (< netstandard1.5))
    System.Globalization (4.3) - restriction: || (== netcoreapp3.1) (== netstandard2.0) (&& (== xamarinmac) (>= netcoreapp5.0))
      Microsoft.NETCore.Platforms (>= 1.1) - restriction: || (== netcoreapp3.1) (== netstandard2.0) (&& (== xamarinmac) (>= netcoreapp5.0)) (&& (== xamarinmac) (< netstandard1.3))
      Microsoft.NETCore.Targets (>= 1.1) - restriction: || (== netcoreapp3.1) (== netstandard2.0) (&& (== xamarinmac) (>= netcoreapp5.0)) (&& (== xamarinmac) (< netstandard1.3))
      System.Runtime (>= 4.3) - restriction: || (== netcoreapp3.1) (== netstandard2.0) (&& (== xamarinmac) (>= netcoreapp5.0)) (&& (== xamarinmac) (< netstandard1.3))
    System.IO (4.3) - restriction: || (== netcoreapp3.1) (== netstandard2.0) (&& (== xamarinmac) (>= netcoreapp5.0)) (&& (== xamarinmac) (< netstandard1.3))
      Microsoft.NETCore.Platforms (>= 1.1) - restriction: || (== netcoreapp3.1) (== netstandard2.0) (&& (== xamarinmac) (>= netcoreapp5.0)) (&& (== xamarinmac) (< netstandard1.3)) (&& (== xamarinmac) (< netstandard1.5))
      Microsoft.NETCore.Targets (>= 1.1) - restriction: || (== netcoreapp3.1) (== netstandard2.0) (&& (== xamarinmac) (>= netcoreapp5.0)) (&& (== xamarinmac) (< netstandard1.3)) (&& (== xamarinmac) (< netstandard1.5))
      System.Runtime (>= 4.3) - restriction: || (== netcoreapp3.1) (== netstandard2.0) (&& (== xamarinmac) (>= netcoreapp5.0)) (&& (== xamarinmac) (< netstandard1.3)) (&& (== xamarinmac) (< netstandard1.5))
      System.Text.Encoding (>= 4.3) - restriction: || (== netcoreapp3.1) (== netstandard2.0) (&& (== xamarinmac) (>= netcoreapp5.0)) (&& (== xamarinmac) (< netstandard1.3)) (&& (== xamarinmac) (< netstandard1.5))
      System.Threading.Tasks (>= 4.3) - restriction: || (== netcoreapp3.1) (== netstandard2.0) (&& (== xamarinmac) (>= netcoreapp5.0)) (&& (== xamarinmac) (< netstandard1.3)) (&& (== xamarinmac) (< netstandard1.5))
    System.IO.FileSystem (4.3) - restriction: || (== netcoreapp3.1) (== netstandard2.0) (&& (== xamarinmac) (>= netcoreapp5.0))
      Microsoft.NETCore.Platforms (>= 1.1) - restriction: || (== netcoreapp3.1) (== netstandard2.0)
      Microsoft.NETCore.Targets (>= 1.1) - restriction: || (== netcoreapp3.1) (== netstandard2.0)
      System.IO (>= 4.3) - restriction: || (== netcoreapp3.1) (== netstandard2.0)
      System.IO.FileSystem.Primitives (>= 4.3) - restriction: || (== netcoreapp3.1) (== netstandard2.0) (&& (== xamarinmac) (>= net46))
      System.Runtime (>= 4.3) - restriction: || (== netcoreapp3.1) (== netstandard2.0)
      System.Runtime.Handles (>= 4.3) - restriction: || (== netcoreapp3.1) (== netstandard2.0)
      System.Text.Encoding (>= 4.3) - restriction: || (== netcoreapp3.1) (== netstandard2.0)
      System.Threading.Tasks (>= 4.3) - restriction: || (== netcoreapp3.1) (== netstandard2.0)
    System.IO.FileSystem.Primitives (4.3) - restriction: || (== netcoreapp3.1) (== netstandard2.0) (&& (== xamarinmac) (>= netcoreapp5.0))
      System.Runtime (>= 4.3) - restriction: || (== netcoreapp3.1) (== netstandard2.0)
    System.Linq (4.3) - restriction: || (== netcoreapp3.1) (== netstandard2.0) (&& (== xamarinmac) (>= netcoreapp5.0))
      System.Collections (>= 4.3) - restriction: || (== netcoreapp3.1) (== netstandard2.0) (&& (== xamarinmac) (>= netcoreapp5.0)) (&& (== xamarinmac) (< netstandard1.6))
      System.Diagnostics.Debug (>= 4.3) - restriction: || (== netcoreapp3.1) (== netstandard2.0) (&& (== xamarinmac) (>= netcoreapp5.0))
      System.Resources.ResourceManager (>= 4.3) - restriction: || (== netcoreapp3.1) (== netstandard2.0) (&& (== xamarinmac) (>= netcoreapp5.0))
      System.Runtime (>= 4.3) - restriction: || (== netcoreapp3.1) (== netstandard2.0) (&& (== xamarinmac) (>= netcoreapp5.0)) (&& (== xamarinmac) (< netstandard1.6))
      System.Runtime.Extensions (>= 4.3) - restriction: || (== netcoreapp3.1) (== netstandard2.0) (&& (== xamarinmac) (>= netcoreapp5.0))
    System.Management (5.0)
      Microsoft.NETCore.Platforms (>= 5.0) - restriction: || (== netcoreapp3.1) (&& (== netstandard2.0) (>= netcoreapp2.0)) (&& (== xamarinmac) (>= netcoreapp2.0))
      Microsoft.Win32.Registry (>= 5.0) - restriction: || (== netcoreapp3.1) (&& (== netstandard2.0) (>= netcoreapp2.0)) (&& (== xamarinmac) (>= netcoreapp2.0))
      System.CodeDom (>= 5.0)
    System.Memory (4.5.4)
      System.Buffers (>= 4.5.1) - restriction: || (&& (== netcoreapp3.1) (>= monoandroid)) (&& (== netcoreapp3.1) (>= monotouch)) (&& (== netcoreapp3.1) (>= net461)) (&& (== netcoreapp3.1) (< netcoreapp2.0)) (&& (== netcoreapp3.1) (< netstandard1.1)) (&& (== netcoreapp3.1) (< netstandard2.0)) (&& (== netcoreapp3.1) (>= xamarinios)) (&& (== netcoreapp3.1) (>= xamarinmac)) (&& (== netcoreapp3.1) (>= xamarintvos)) (&& (== netcoreapp3.1) (>= xamarinwatchos)) (== netstandard2.0) (== xamarinmac)
      System.Numerics.Vectors (>= 4.4) - restriction: || (&& (== netcoreapp3.1) (< netcoreapp2.0)) (== netstandard2.0)
      System.Runtime.CompilerServices.Unsafe (>= 4.5.3) - restriction: || (&& (== netcoreapp3.1) (>= monoandroid)) (&& (== netcoreapp3.1) (>= monotouch)) (&& (== netcoreapp3.1) (>= net461)) (&& (== netcoreapp3.1) (< netcoreapp2.0)) (&& (== netcoreapp3.1) (< netcoreapp2.1)) (&& (== netcoreapp3.1) (< netstandard1.1)) (&& (== netcoreapp3.1) (< netstandard2.0)) (&& (== netcoreapp3.1) (>= uap10.1)) (&& (== netcoreapp3.1) (>= xamarinios)) (&& (== netcoreapp3.1) (>= xamarinmac)) (&& (== netcoreapp3.1) (>= xamarintvos)) (&& (== netcoreapp3.1) (>= xamarinwatchos)) (== netstandard2.0) (== xamarinmac)
    System.Numerics.Vectors (4.5) - restriction: || (&& (== netcoreapp3.1) (== xamarinmac)) (&& (== netcoreapp3.1) (< netcoreapp2.0)) (== netstandard2.0)
    System.Private.DataContractSerialization (4.3) - restriction: || (== netcoreapp3.1) (== netstandard2.0) (&& (== xamarinmac) (>= netcoreapp5.0))
      System.Collections (>= 4.3) - restriction: || (== netcoreapp3.1) (== netstandard2.0) (&& (== xamarinmac) (>= netcoreapp5.0))
      System.Collections.Concurrent (>= 4.3) - restriction: || (== netcoreapp3.1) (== netstandard2.0) (&& (== xamarinmac) (>= netcoreapp5.0))
      System.Diagnostics.Debug (>= 4.3) - restriction: || (== netcoreapp3.1) (== netstandard2.0) (&& (== xamarinmac) (>= netcoreapp5.0))
      System.Globalization (>= 4.3) - restriction: || (== netcoreapp3.1) (== netstandard2.0) (&& (== xamarinmac) (>= netcoreapp5.0))
      System.IO (>= 4.3) - restriction: || (== netcoreapp3.1) (== netstandard2.0) (&& (== xamarinmac) (>= netcoreapp5.0))
      System.Linq (>= 4.3) - restriction: || (== netcoreapp3.1) (== netstandard2.0) (&& (== xamarinmac) (>= netcoreapp5.0))
      System.Reflection (>= 4.3) - restriction: || (== netcoreapp3.1) (== netstandard2.0) (&& (== xamarinmac) (>= netcoreapp5.0))
      System.Reflection.Emit.ILGeneration (>= 4.3) - restriction: || (== netcoreapp3.1) (== netstandard2.0)
      System.Reflection.Emit.Lightweight (>= 4.3) - restriction: || (== netcoreapp3.1) (== netstandard2.0)
      System.Reflection.Extensions (>= 4.3) - restriction: || (== netcoreapp3.1) (== netstandard2.0) (&& (== xamarinmac) (>= netcoreapp5.0))
      System.Reflection.Primitives (>= 4.3) - restriction: || (== netcoreapp3.1) (== netstandard2.0) (&& (== xamarinmac) (>= netcoreapp5.0))
      System.Reflection.TypeExtensions (>= 4.3) - restriction: || (== netcoreapp3.1) (== netstandard2.0) (&& (== xamarinmac) (>= net46)) (&& (== xamarinmac) (>= netcoreapp5.0))
      System.Resources.ResourceManager (>= 4.3) - restriction: || (== netcoreapp3.1) (== netstandard2.0) (&& (== xamarinmac) (>= netcoreapp5.0))
      System.Runtime (>= 4.3) - restriction: || (== netcoreapp3.1) (== netstandard2.0) (&& (== xamarinmac) (>= netcoreapp5.0))
      System.Runtime.Extensions (>= 4.3) - restriction: || (== netcoreapp3.1) (== netstandard2.0) (&& (== xamarinmac) (>= netcoreapp5.0))
      System.Runtime.Serialization.Primitives (>= 4.3) - restriction: || (== netcoreapp3.1) (== netstandard2.0) (&& (== xamarinmac) (>= net46)) (&& (== xamarinmac) (>= netcoreapp5.0))
      System.Text.Encoding (>= 4.3) - restriction: || (== netcoreapp3.1) (== netstandard2.0) (&& (== xamarinmac) (>= netcoreapp5.0))
      System.Text.Encoding.Extensions (>= 4.3) - restriction: || (== netcoreapp3.1) (== netstandard2.0) (&& (== xamarinmac) (>= netcoreapp5.0))
      System.Text.RegularExpressions (>= 4.3) - restriction: || (== netcoreapp3.1) (== netstandard2.0) (&& (== xamarinmac) (>= netcoreapp5.0))
      System.Threading (>= 4.3) - restriction: || (== netcoreapp3.1) (== netstandard2.0) (&& (== xamarinmac) (>= netcoreapp5.0))
      System.Threading.Tasks (>= 4.3) - restriction: || (== netcoreapp3.1) (== netstandard2.0) (&& (== xamarinmac) (>= netcoreapp5.0))
      System.Xml.ReaderWriter (>= 4.3) - restriction: || (== netcoreapp3.1) (== netstandard2.0) (&& (== xamarinmac) (>= netcoreapp5.0))
      System.Xml.XDocument (>= 4.3) - restriction: || (== netcoreapp3.1) (== netstandard2.0) (&& (== xamarinmac) (>= netcoreapp5.0))
      System.Xml.XmlDocument (>= 4.3) - restriction: || (== netcoreapp3.1) (== netstandard2.0) (&& (== xamarinmac) (>= net46)) (&& (== xamarinmac) (>= netcoreapp5.0))
      System.Xml.XmlSerializer (>= 4.3) - restriction: || (== netcoreapp3.1) (== netstandard2.0) (&& (== xamarinmac) (>= netcoreapp5.0))
    System.Reflection (4.3) - restriction: || (== netcoreapp3.1) (== netstandard2.0) (&& (== xamarinmac) (>= netcoreapp5.0))
      Microsoft.NETCore.Platforms (>= 1.1) - restriction: || (== netcoreapp3.1) (== netstandard2.0) (&& (== xamarinmac) (>= netcoreapp5.0)) (&& (== xamarinmac) (< netstandard1.3)) (&& (== xamarinmac) (< netstandard1.5))
      Microsoft.NETCore.Targets (>= 1.1) - restriction: || (== netcoreapp3.1) (== netstandard2.0) (&& (== xamarinmac) (>= netcoreapp5.0)) (&& (== xamarinmac) (< netstandard1.3)) (&& (== xamarinmac) (< netstandard1.5))
      System.IO (>= 4.3) - restriction: || (== netcoreapp3.1) (== netstandard2.0) (&& (== xamarinmac) (>= netcoreapp5.0)) (&& (== xamarinmac) (< netstandard1.3)) (&& (== xamarinmac) (< netstandard1.5))
      System.Reflection.Primitives (>= 4.3) - restriction: || (== netcoreapp3.1) (== netstandard2.0) (&& (== xamarinmac) (>= netcoreapp5.0)) (&& (== xamarinmac) (< netstandard1.3)) (&& (== xamarinmac) (< netstandard1.5))
      System.Runtime (>= 4.3) - restriction: || (== netcoreapp3.1) (== netstandard2.0) (&& (== xamarinmac) (>= netcoreapp5.0)) (&& (== xamarinmac) (< netstandard1.3)) (&& (== xamarinmac) (< netstandard1.5))
    System.Reflection.Emit (4.7)
      System.Reflection.Emit.ILGeneration (>= 4.7) - restriction: || (&& (== netcoreapp3.1) (< netcoreapp2.0) (< netstandard2.1)) (&& (== netcoreapp3.1) (>= netcoreapp5.0)) (&& (== netcoreapp3.1) (< netstandard1.1)) (&& (== netcoreapp3.1) (< netstandard2.0)) (&& (== netcoreapp3.1) (>= uap10.1)) (== netstandard2.0) (&& (== xamarinmac) (>= netcoreapp5.0)) (&& (== xamarinmac) (< netstandard1.1)) (&& (== xamarinmac) (< netstandard2.0)) (&& (== xamarinmac) (>= uap10.1))
    System.Reflection.Emit.ILGeneration (4.7) - restriction: || (== netcoreapp3.1) (== netstandard2.0) (&& (== xamarinmac) (>= netcoreapp5.0)) (&& (== xamarinmac) (< netstandard1.1)) (&& (== xamarinmac) (< netstandard2.0)) (&& (== xamarinmac) (>= uap10.1))
    System.Reflection.Emit.Lightweight (4.7)
      System.Reflection.Emit.ILGeneration (>= 4.7) - restriction: || (&& (== netcoreapp3.1) (< netcoreapp2.0) (< netstandard2.1)) (&& (== netcoreapp3.1) (>= netcoreapp5.0)) (&& (== netcoreapp3.1) (< netstandard2.0)) (&& (== netcoreapp3.1) (< portable-net45+wp8)) (&& (== netcoreapp3.1) (>= uap10.1)) (== netstandard2.0) (&& (== xamarinmac) (>= netcoreapp5.0)) (&& (== xamarinmac) (< netstandard2.0)) (&& (== xamarinmac) (< portable-net45+wp8)) (&& (== xamarinmac) (>= uap10.1))
    System.Reflection.Extensions (4.3) - restriction: || (== netcoreapp3.1) (== netstandard2.0) (&& (== xamarinmac) (>= netcoreapp5.0))
      Microsoft.NETCore.Platforms (>= 1.1) - restriction: || (== netcoreapp3.1) (== netstandard2.0) (&& (== xamarinmac) (>= netcoreapp5.0))
      Microsoft.NETCore.Targets (>= 1.1) - restriction: || (== netcoreapp3.1) (== netstandard2.0) (&& (== xamarinmac) (>= netcoreapp5.0))
      System.Reflection (>= 4.3) - restriction: || (== netcoreapp3.1) (== netstandard2.0) (&& (== xamarinmac) (>= netcoreapp5.0))
      System.Runtime (>= 4.3) - restriction: || (== netcoreapp3.1) (== netstandard2.0) (&& (== xamarinmac) (>= netcoreapp5.0))
    System.Reflection.Metadata (5.0)
      System.Collections.Immutable (>= 5.0)
    System.Reflection.Primitives (4.3) - restriction: || (== netcoreapp3.1) (== netstandard2.0) (&& (== xamarinmac) (>= netcoreapp5.0))
      Microsoft.NETCore.Platforms (>= 1.1) - restriction: || (== netcoreapp3.1) (== netstandard2.0) (&& (== xamarinmac) (>= netcoreapp5.0))
      Microsoft.NETCore.Targets (>= 1.1) - restriction: || (== netcoreapp3.1) (== netstandard2.0) (&& (== xamarinmac) (>= netcoreapp5.0))
      System.Runtime (>= 4.3) - restriction: || (== netcoreapp3.1) (== netstandard2.0) (&& (== xamarinmac) (>= netcoreapp5.0))
    System.Reflection.TypeExtensions (4.7) - restriction: || (== netcoreapp3.1) (== netstandard2.0) (&& (== xamarinmac) (>= netcoreapp5.0))
    System.Resources.ResourceManager (4.3) - restriction: || (== netcoreapp3.1) (== netstandard2.0) (&& (== xamarinmac) (>= netcoreapp5.0))
      Microsoft.NETCore.Platforms (>= 1.1) - restriction: || (== netcoreapp3.1) (== netstandard2.0) (&& (== xamarinmac) (>= netcoreapp5.0))
      Microsoft.NETCore.Targets (>= 1.1) - restriction: || (== netcoreapp3.1) (== netstandard2.0) (&& (== xamarinmac) (>= netcoreapp5.0))
      System.Globalization (>= 4.3) - restriction: || (== netcoreapp3.1) (== netstandard2.0) (&& (== xamarinmac) (>= netcoreapp5.0))
      System.Reflection (>= 4.3) - restriction: || (== netcoreapp3.1) (== netstandard2.0) (&& (== xamarinmac) (>= netcoreapp5.0))
      System.Runtime (>= 4.3) - restriction: || (== netcoreapp3.1) (== netstandard2.0) (&& (== xamarinmac) (>= netcoreapp5.0))
    System.Runtime (4.3.1) - restriction: || (== netcoreapp3.1) (== netstandard2.0) (&& (== xamarinmac) (>= netcoreapp5.0)) (&& (== xamarinmac) (< netstandard1.3))
      Microsoft.NETCore.Platforms (>= 1.1.1) - restriction: || (== netcoreapp3.1) (== netstandard2.0) (&& (== xamarinmac) (>= netcoreapp5.0)) (&& (== xamarinmac) (< netstandard1.2)) (&& (== xamarinmac) (< netstandard1.3)) (&& (== xamarinmac) (< netstandard1.5))
      Microsoft.NETCore.Targets (>= 1.1.3) - restriction: || (== netcoreapp3.1) (== netstandard2.0) (&& (== xamarinmac) (>= netcoreapp5.0)) (&& (== xamarinmac) (< netstandard1.2)) (&& (== xamarinmac) (< netstandard1.3)) (&& (== xamarinmac) (< netstandard1.5))
    System.Runtime.CompilerServices.Unsafe (5.0)
    System.Runtime.Extensions (4.3.1) - restriction: || (== netcoreapp3.1) (== netstandard2.0) (&& (== xamarinmac) (>= netcoreapp5.0))
      Microsoft.NETCore.Platforms (>= 1.1.1) - restriction: || (== netcoreapp3.1) (== netstandard2.0) (&& (== xamarinmac) (>= netcoreapp5.0)) (&& (== xamarinmac) (< netstandard1.3)) (&& (== xamarinmac) (< netstandard1.5))
      Microsoft.NETCore.Targets (>= 1.1.3) - restriction: || (== netcoreapp3.1) (== netstandard2.0) (&& (== xamarinmac) (>= netcoreapp5.0)) (&& (== xamarinmac) (< netstandard1.3)) (&& (== xamarinmac) (< netstandard1.5))
      System.Runtime (>= 4.3.1) - restriction: || (== netcoreapp3.1) (== netstandard2.0) (&& (== xamarinmac) (>= netcoreapp5.0)) (&& (== xamarinmac) (< netstandard1.3)) (&& (== xamarinmac) (< netstandard1.5))
    System.Runtime.Handles (4.3) - restriction: || (== netcoreapp3.1) (== netstandard2.0) (&& (== xamarinmac) (>= netcoreapp5.0))
      Microsoft.NETCore.Platforms (>= 1.1) - restriction: || (== netcoreapp3.1) (== netstandard2.0)
      Microsoft.NETCore.Targets (>= 1.1) - restriction: || (== netcoreapp3.1) (== netstandard2.0)
      System.Runtime (>= 4.3) - restriction: || (== netcoreapp3.1) (== netstandard2.0)
    System.Runtime.InteropServices (4.3) - restriction: || (== netcoreapp3.1) (== netstandard2.0) (&& (== xamarinmac) (>= netcoreapp5.0))
      Microsoft.NETCore.Platforms (>= 1.1) - restriction: || (== netcoreapp3.1) (== netstandard2.0) (&& (== xamarinmac) (>= netcoreapp1.1)) (&& (== xamarinmac) (< netstandard1.2)) (&& (== xamarinmac) (< netstandard1.3)) (&& (== xamarinmac) (< netstandard1.5))
      Microsoft.NETCore.Targets (>= 1.1) - restriction: || (== netcoreapp3.1) (== netstandard2.0) (&& (== xamarinmac) (>= netcoreapp1.1)) (&& (== xamarinmac) (< netstandard1.2)) (&& (== xamarinmac) (< netstandard1.3)) (&& (== xamarinmac) (< netstandard1.5))
      System.Reflection (>= 4.3) - restriction: || (== netcoreapp3.1) (== netstandard2.0) (&& (== xamarinmac) (>= netcoreapp1.1)) (&& (== xamarinmac) (< netstandard1.2)) (&& (== xamarinmac) (< netstandard1.3)) (&& (== xamarinmac) (< netstandard1.5))
      System.Reflection.Primitives (>= 4.3) - restriction: || (== netcoreapp3.1) (== netstandard2.0) (&& (== xamarinmac) (>= netcoreapp1.1)) (&& (== xamarinmac) (< netstandard1.2)) (&& (== xamarinmac) (< netstandard1.3)) (&& (== xamarinmac) (< netstandard1.5))
      System.Runtime (>= 4.3) - restriction: || (== netcoreapp3.1) (== netstandard2.0) (&& (== xamarinmac) (>= net462)) (&& (== xamarinmac) (>= netcoreapp1.1)) (&& (== xamarinmac) (< netstandard1.2)) (&& (== xamarinmac) (< netstandard1.3)) (&& (== xamarinmac) (< netstandard1.5))
      System.Runtime.Handles (>= 4.3) - restriction: || (== netcoreapp3.1) (== netstandard2.0) (&& (== xamarinmac) (>= netcoreapp1.1)) (&& (== xamarinmac) (< netstandard1.5))
    System.Runtime.Serialization.Json (4.3)
      System.IO (>= 4.3) - restriction: || (== netcoreapp3.1) (== netstandard2.0) (&& (== xamarinmac) (>= netcoreapp5.0)) (&& (== xamarinmac) (< netstandard1.3))
      System.Private.DataContractSerialization (>= 4.3) - restriction: || (== netcoreapp3.1) (== netstandard2.0) (&& (== xamarinmac) (>= netcoreapp5.0))
      System.Runtime (>= 4.3) - restriction: || (== netcoreapp3.1) (== netstandard2.0) (&& (== xamarinmac) (>= netcoreapp5.0)) (&& (== xamarinmac) (< netstandard1.3))
    System.Runtime.Serialization.Primitives (4.3) - restriction: || (== netcoreapp3.1) (== netstandard2.0) (&& (== xamarinmac) (>= netcoreapp5.0))
      System.Resources.ResourceManager (>= 4.3) - restriction: || (== netcoreapp3.1) (== netstandard2.0) (&& (== xamarinmac) (>= netcoreapp5.0))
      System.Runtime (>= 4.3) - restriction: || (== netcoreapp3.1) (== netstandard2.0) (&& (== xamarinmac) (>= netcoreapp5.0)) (&& (== xamarinmac) (< netstandard1.3))
    System.Security.AccessControl (5.0)
      Microsoft.NETCore.Platforms (>= 5.0) - restriction: || (== netcoreapp3.1) (&& (== netstandard2.0) (>= netcoreapp2.0)) (&& (== xamarinmac) (>= netcoreapp2.0))
      System.Security.Principal.Windows (>= 5.0)
    System.Security.Principal.Windows (5.0)
    System.Text.Encoding (4.3) - restriction: || (== netcoreapp3.1) (== netstandard2.0) (&& (== xamarinmac) (>= netcoreapp5.0)) (&& (== xamarinmac) (< netstandard1.3))
      Microsoft.NETCore.Platforms (>= 1.1) - restriction: || (== netcoreapp3.1) (== netstandard2.0) (&& (== xamarinmac) (>= netcoreapp5.0)) (&& (== xamarinmac) (< netstandard1.3))
      Microsoft.NETCore.Targets (>= 1.1) - restriction: || (== netcoreapp3.1) (== netstandard2.0) (&& (== xamarinmac) (>= netcoreapp5.0)) (&& (== xamarinmac) (< netstandard1.3))
      System.Runtime (>= 4.3) - restriction: || (== netcoreapp3.1) (== netstandard2.0) (&& (== xamarinmac) (>= netcoreapp5.0)) (&& (== xamarinmac) (< netstandard1.3))
    System.Text.Encoding.CodePages (5.0)
      Microsoft.NETCore.Platforms (>= 5.0) - restriction: || (== netcoreapp3.1) (&& (== netstandard2.0) (>= netcoreapp2.0)) (&& (== xamarinmac) (>= netcoreapp2.0))
      System.Runtime.CompilerServices.Unsafe (>= 5.0) - restriction: || (== netcoreapp3.1) (== netstandard2.0) (&& (== xamarinmac) (>= net461)) (&& (== xamarinmac) (>= netcoreapp2.0))
    System.Text.Encoding.Extensions (4.3) - restriction: || (== netcoreapp3.1) (== netstandard2.0) (&& (== xamarinmac) (>= netcoreapp5.0))
      Microsoft.NETCore.Platforms (>= 1.1) - restriction: || (== netcoreapp3.1) (== netstandard2.0) (&& (== xamarinmac) (>= netcoreapp5.0)) (&& (== xamarinmac) (< netstandard1.3))
      Microsoft.NETCore.Targets (>= 1.1) - restriction: || (== netcoreapp3.1) (== netstandard2.0) (&& (== xamarinmac) (>= netcoreapp5.0)) (&& (== xamarinmac) (< netstandard1.3))
      System.Runtime (>= 4.3) - restriction: || (== netcoreapp3.1) (== netstandard2.0) (&& (== xamarinmac) (>= netcoreapp5.0)) (&& (== xamarinmac) (< netstandard1.3))
      System.Text.Encoding (>= 4.3) - restriction: || (== netcoreapp3.1) (== netstandard2.0) (&& (== xamarinmac) (>= netcoreapp5.0)) (&& (== xamarinmac) (< netstandard1.3))
    System.Text.RegularExpressions (4.3.1) - restriction: || (== netcoreapp3.1) (== netstandard2.0) (&& (== xamarinmac) (>= netcoreapp5.0))
      System.Collections (>= 4.3) - restriction: || (&& (== netcoreapp3.1) (< netcoreapp1.1)) (&& (== netcoreapp3.1) (>= netcoreapp5.0)) (== netstandard2.0) (&& (== xamarinmac) (>= netcoreapp5.0))
      System.Globalization (>= 4.3) - restriction: || (&& (== netcoreapp3.1) (< netcoreapp1.1)) (&& (== netcoreapp3.1) (>= netcoreapp5.0)) (== netstandard2.0) (&& (== xamarinmac) (>= netcoreapp5.0))
      System.Resources.ResourceManager (>= 4.3) - restriction: || (&& (== netcoreapp3.1) (< netcoreapp1.1)) (&& (== netcoreapp3.1) (>= netcoreapp5.0)) (== netstandard2.0) (&& (== xamarinmac) (>= netcoreapp5.0))
      System.Runtime (>= 4.3.1) - restriction: || (== netcoreapp3.1) (== netstandard2.0) (&& (== xamarinmac) (>= netcoreapp1.1)) (&& (== xamarinmac) (< netstandard1.3)) (&& (== xamarinmac) (< netstandard1.6))
      System.Runtime.Extensions (>= 4.3.1) - restriction: || (&& (== netcoreapp3.1) (< netcoreapp1.1)) (&& (== netcoreapp3.1) (>= netcoreapp5.0)) (== netstandard2.0) (&& (== xamarinmac) (>= netcoreapp5.0))
      System.Threading (>= 4.3) - restriction: || (&& (== netcoreapp3.1) (< netcoreapp1.1)) (&& (== netcoreapp3.1) (>= netcoreapp5.0)) (== netstandard2.0) (&& (== xamarinmac) (>= netcoreapp5.0))
    System.Threading (4.3) - restriction: || (== netcoreapp3.1) (== netstandard2.0) (&& (== xamarinmac) (>= netcoreapp5.0))
      System.Runtime (>= 4.3) - restriction: || (== netcoreapp3.1) (== netstandard2.0) (&& (== xamarinmac) (>= netcoreapp5.0)) (&& (== xamarinmac) (< netstandard1.3))
      System.Threading.Tasks (>= 4.3) - restriction: || (== netcoreapp3.1) (== netstandard2.0) (&& (== xamarinmac) (>= netcoreapp5.0)) (&& (== xamarinmac) (< netstandard1.3))
    System.Threading.Tasks (4.3) - restriction: || (== netcoreapp3.1) (== netstandard2.0) (&& (== xamarinmac) (>= netcoreapp5.0)) (&& (== xamarinmac) (< netstandard1.3))
      Microsoft.NETCore.Platforms (>= 1.1) - restriction: || (== netcoreapp3.1) (== netstandard2.0) (&& (== xamarinmac) (>= netcoreapp5.0)) (&& (== xamarinmac) (< netstandard1.3))
      Microsoft.NETCore.Targets (>= 1.1) - restriction: || (== netcoreapp3.1) (== netstandard2.0) (&& (== xamarinmac) (>= netcoreapp5.0)) (&& (== xamarinmac) (< netstandard1.3))
      System.Runtime (>= 4.3) - restriction: || (== netcoreapp3.1) (== netstandard2.0) (&& (== xamarinmac) (>= netcoreapp5.0)) (&& (== xamarinmac) (< netstandard1.3))
    System.Threading.Tasks.Extensions (4.5.4)
      System.Runtime.CompilerServices.Unsafe (>= 4.5.3) - restriction: || (&& (== netcoreapp3.1) (>= net461)) (&& (== netcoreapp3.1) (< netcoreapp2.1)) (&& (== netcoreapp3.1) (< netstandard1.0)) (&& (== netcoreapp3.1) (< netstandard2.0)) (&& (== netcoreapp3.1) (>= wp8)) (== netstandard2.0) (&& (== xamarinmac) (>= net461)) (&& (== xamarinmac) (< netstandard1.0)) (&& (== xamarinmac) (< netstandard2.0)) (&& (== xamarinmac) (>= wp8))
    System.ValueTuple (4.5)
    System.Xml.ReaderWriter (4.3.1) - restriction: || (== netcoreapp3.1) (== netstandard2.0) (&& (== xamarinmac) (>= netcoreapp5.0))
      System.Collections (>= 4.3) - restriction: || (== netcoreapp3.1) (== netstandard2.0) (&& (== xamarinmac) (>= netcoreapp5.0))
      System.Diagnostics.Debug (>= 4.3) - restriction: || (== netcoreapp3.1) (== netstandard2.0) (&& (== xamarinmac) (>= netcoreapp5.0))
      System.Globalization (>= 4.3) - restriction: || (== netcoreapp3.1) (== netstandard2.0) (&& (== xamarinmac) (>= netcoreapp5.0))
      System.IO (>= 4.3) - restriction: || (== netcoreapp3.1) (== netstandard2.0) (&& (== xamarinmac) (>= netcoreapp5.0)) (&& (== xamarinmac) (< netstandard1.3))
      System.IO.FileSystem (>= 4.3) - restriction: || (== netcoreapp3.1) (== netstandard2.0) (&& (== xamarinmac) (>= netcoreapp5.0))
      System.IO.FileSystem.Primitives (>= 4.3) - restriction: || (== netcoreapp3.1) (== netstandard2.0) (&& (== xamarinmac) (>= netcoreapp5.0))
      System.Resources.ResourceManager (>= 4.3) - restriction: || (== netcoreapp3.1) (== netstandard2.0) (&& (== xamarinmac) (>= netcoreapp5.0))
      System.Runtime (>= 4.3) - restriction: || (== netcoreapp3.1) (== netstandard2.0) (&& (== xamarinmac) (>= netcoreapp5.0)) (&& (== xamarinmac) (< netstandard1.3))
      System.Runtime.Extensions (>= 4.3) - restriction: || (== netcoreapp3.1) (== netstandard2.0) (&& (== xamarinmac) (>= netcoreapp5.0))
      System.Runtime.InteropServices (>= 4.3) - restriction: || (== netcoreapp3.1) (== netstandard2.0) (&& (== xamarinmac) (>= netcoreapp5.0))
      System.Text.Encoding (>= 4.3) - restriction: || (== netcoreapp3.1) (== netstandard2.0) (&& (== xamarinmac) (>= netcoreapp5.0)) (&& (== xamarinmac) (< netstandard1.3))
      System.Text.Encoding.Extensions (>= 4.3) - restriction: || (== netcoreapp3.1) (== netstandard2.0) (&& (== xamarinmac) (>= netcoreapp5.0))
      System.Text.RegularExpressions (>= 4.3) - restriction: || (== netcoreapp3.1) (== netstandard2.0) (&& (== xamarinmac) (>= netcoreapp5.0))
      System.Threading.Tasks (>= 4.3) - restriction: || (== netcoreapp3.1) (== netstandard2.0) (&& (== xamarinmac) (>= netcoreapp5.0)) (&& (== xamarinmac) (< netstandard1.3))
      System.Threading.Tasks.Extensions (>= 4.3) - restriction: || (== netcoreapp3.1) (== netstandard2.0) (&& (== xamarinmac) (>= netcoreapp5.0))
    System.Xml.XDocument (4.3) - restriction: || (== netcoreapp3.1) (== netstandard2.0) (&& (== xamarinmac) (>= netcoreapp5.0))
      System.Collections (>= 4.3) - restriction: || (== netcoreapp3.1) (== netstandard2.0) (&& (== xamarinmac) (>= netcoreapp5.0))
      System.Diagnostics.Debug (>= 4.3) - restriction: || (== netcoreapp3.1) (== netstandard2.0) (&& (== xamarinmac) (>= netcoreapp5.0))
      System.Diagnostics.Tools (>= 4.3) - restriction: || (== netcoreapp3.1) (== netstandard2.0) (&& (== xamarinmac) (>= netcoreapp5.0))
      System.Globalization (>= 4.3) - restriction: || (== netcoreapp3.1) (== netstandard2.0) (&& (== xamarinmac) (>= netcoreapp5.0))
      System.IO (>= 4.3) - restriction: || (== netcoreapp3.1) (== netstandard2.0) (&& (== xamarinmac) (>= netcoreapp5.0)) (&& (== xamarinmac) (< netstandard1.3))
      System.Reflection (>= 4.3) - restriction: || (== netcoreapp3.1) (== netstandard2.0) (&& (== xamarinmac) (>= netcoreapp5.0))
      System.Resources.ResourceManager (>= 4.3) - restriction: || (== netcoreapp3.1) (== netstandard2.0) (&& (== xamarinmac) (>= netcoreapp5.0))
      System.Runtime (>= 4.3) - restriction: || (== netcoreapp3.1) (== netstandard2.0) (&& (== xamarinmac) (>= netcoreapp5.0)) (&& (== xamarinmac) (< netstandard1.3))
      System.Runtime.Extensions (>= 4.3) - restriction: || (== netcoreapp3.1) (== netstandard2.0) (&& (== xamarinmac) (>= netcoreapp5.0))
      System.Text.Encoding (>= 4.3) - restriction: || (== netcoreapp3.1) (== netstandard2.0) (&& (== xamarinmac) (>= netcoreapp5.0))
      System.Threading (>= 4.3) - restriction: || (== netcoreapp3.1) (== netstandard2.0) (&& (== xamarinmac) (>= netcoreapp5.0))
      System.Xml.ReaderWriter (>= 4.3) - restriction: || (== netcoreapp3.1) (== netstandard2.0) (&& (== xamarinmac) (>= netcoreapp5.0)) (&& (== xamarinmac) (< netstandard1.3))
    System.Xml.XmlDocument (4.3) - restriction: || (== netcoreapp3.1) (== netstandard2.0) (&& (== xamarinmac) (>= netcoreapp5.0))
      System.Collections (>= 4.3) - restriction: || (== netcoreapp3.1) (== netstandard2.0)
      System.Diagnostics.Debug (>= 4.3) - restriction: || (== netcoreapp3.1) (== netstandard2.0)
      System.Globalization (>= 4.3) - restriction: || (== netcoreapp3.1) (== netstandard2.0)
      System.IO (>= 4.3) - restriction: || (== netcoreapp3.1) (== netstandard2.0)
      System.Resources.ResourceManager (>= 4.3) - restriction: || (== netcoreapp3.1) (== netstandard2.0)
      System.Runtime (>= 4.3) - restriction: || (== netcoreapp3.1) (== netstandard2.0)
      System.Runtime.Extensions (>= 4.3) - restriction: || (== netcoreapp3.1) (== netstandard2.0)
      System.Text.Encoding (>= 4.3) - restriction: || (== netcoreapp3.1) (== netstandard2.0)
      System.Threading (>= 4.3) - restriction: || (== netcoreapp3.1) (== netstandard2.0)
      System.Xml.ReaderWriter (>= 4.3) - restriction: || (== netcoreapp3.1) (== netstandard2.0)
    System.Xml.XmlSerializer (4.3) - restriction: || (== netcoreapp3.1) (== netstandard2.0) (&& (== xamarinmac) (>= netcoreapp5.0))
      System.Collections (>= 4.3) - restriction: || (== netcoreapp3.1) (== netstandard2.0) (&& (== xamarinmac) (>= netcoreapp5.0))
      System.Globalization (>= 4.3) - restriction: || (== netcoreapp3.1) (== netstandard2.0) (&& (== xamarinmac) (>= netcoreapp5.0))
      System.IO (>= 4.3) - restriction: || (== netcoreapp3.1) (== netstandard2.0) (&& (== xamarinmac) (>= netcoreapp5.0)) (&& (== xamarinmac) (< netstandard1.3))
      System.Linq (>= 4.3) - restriction: || (== netcoreapp3.1) (== netstandard2.0) (&& (== xamarinmac) (>= netcoreapp5.0))
      System.Reflection (>= 4.3) - restriction: || (== netcoreapp3.1) (== netstandard2.0) (&& (== xamarinmac) (>= netcoreapp5.0))
      System.Reflection.Emit (>= 4.3) - restriction: || (== netcoreapp3.1) (== netstandard2.0) (&& (== xamarinmac) (>= netcoreapp5.0))
      System.Reflection.Emit.ILGeneration (>= 4.3) - restriction: || (== netcoreapp3.1) (== netstandard2.0) (&& (== xamarinmac) (>= netcoreapp5.0))
      System.Reflection.Extensions (>= 4.3) - restriction: || (== netcoreapp3.1) (== netstandard2.0) (&& (== xamarinmac) (>= netcoreapp5.0))
      System.Reflection.Primitives (>= 4.3) - restriction: || (== netcoreapp3.1) (== netstandard2.0) (&& (== xamarinmac) (>= netcoreapp5.0))
      System.Reflection.TypeExtensions (>= 4.3) - restriction: || (== netcoreapp3.1) (== netstandard2.0) (&& (== xamarinmac) (>= netcoreapp5.0))
      System.Resources.ResourceManager (>= 4.3) - restriction: || (== netcoreapp3.1) (== netstandard2.0) (&& (== xamarinmac) (>= netcoreapp5.0))
      System.Runtime (>= 4.3) - restriction: || (== netcoreapp3.1) (== netstandard2.0) (&& (== xamarinmac) (>= netcoreapp5.0)) (&& (== xamarinmac) (< netstandard1.3))
      System.Runtime.Extensions (>= 4.3) - restriction: || (== netcoreapp3.1) (== netstandard2.0) (&& (== xamarinmac) (>= netcoreapp5.0))
      System.Text.RegularExpressions (>= 4.3) - restriction: || (== netcoreapp3.1) (== netstandard2.0) (&& (== xamarinmac) (>= netcoreapp5.0))
      System.Threading (>= 4.3) - restriction: || (== netcoreapp3.1) (== netstandard2.0) (&& (== xamarinmac) (>= netcoreapp5.0))
      System.Xml.ReaderWriter (>= 4.3) - restriction: || (== netcoreapp3.1) (== netstandard2.0) (&& (== xamarinmac) (>= netcoreapp5.0)) (&& (== xamarinmac) (< netstandard1.3))
      System.Xml.XmlDocument (>= 4.3) - restriction: || (== netcoreapp3.1) (== netstandard2.0) (&& (== xamarinmac) (>= netcoreapp5.0))
    WebSocketSharp (1.0.3-rc11)

GROUP Docs
STORAGE: NONE
RESTRICTION: == netcoreapp3.1
NUGET
  remote: https://api.nuget.org/v3/index.json
    Argu (6.1.1)
      FSharp.Core (>= 4.3.2)
      System.Configuration.ConfigurationManager (>= 4.4)
    FSharp.Core (5.0)
    FsLibTool (0.1.1)
      FSharp.Core (>= 4.0.0.1)
      PPrint (>= 1.4.3)
    Microsoft.NETCore.Platforms (5.0)
    Microsoft.Win32.SystemEvents (5.0)
      Microsoft.NETCore.Platforms (>= 5.0)
    PPrint (2.0)
      FSharp.Core (>= 3.1.2.5)
    System.Configuration.ConfigurationManager (5.0)
      System.Security.Cryptography.ProtectedData (>= 5.0)
      System.Security.Permissions (>= 5.0)
    System.Drawing.Common (5.0)
      Microsoft.Win32.SystemEvents (>= 5.0)
    System.Security.AccessControl (5.0)
      Microsoft.NETCore.Platforms (>= 5.0)
      System.Security.Principal.Windows (>= 5.0)
    System.Security.Cryptography.ProtectedData (5.0)
    System.Security.Permissions (5.0)
      System.Security.AccessControl (>= 5.0)
      System.Windows.Extensions (>= 5.0)
    System.Security.Principal.Windows (5.0)
    System.Windows.Extensions (5.0)
      System.Drawing.Common (>= 5.0)

GROUP Examples
RESTRICTION: == netcoreapp3.1
NUGET
  remote: https://api.nuget.org/v3/index.json
    FSharp.Core (5.0)
    Microsoft.NETCore.Platforms (5.0)
    Microsoft.NETCore.Targets (5.0)
    Microsoft.Win32.Registry (5.0)
      System.Security.AccessControl (>= 5.0)
      System.Security.Principal.Windows (>= 5.0)
    Microsoft.Win32.SystemEvents (5.0)
      Microsoft.NETCore.Platforms (>= 5.0)
    runtime.native.System (4.3.1)
      Microsoft.NETCore.Platforms (>= 1.1.1)
      Microsoft.NETCore.Targets (>= 1.1.3)
    System.Diagnostics.EventLog (5.0)
      Microsoft.NETCore.Platforms (>= 5.0)
      Microsoft.Win32.Registry (>= 5.0)
      System.Security.Principal.Windows (>= 5.0)
    System.Globalization (4.3)
      Microsoft.NETCore.Platforms (>= 1.1)
      Microsoft.NETCore.Targets (>= 1.1)
      System.Runtime (>= 4.3)
    System.IO (4.3)
      Microsoft.NETCore.Platforms (>= 1.1)
      Microsoft.NETCore.Targets (>= 1.1)
      System.Runtime (>= 4.3)
      System.Text.Encoding (>= 4.3)
      System.Threading.Tasks (>= 4.3)
    System.Reflection (4.3)
      Microsoft.NETCore.Platforms (>= 1.1)
      Microsoft.NETCore.Targets (>= 1.1)
      System.IO (>= 4.3)
      System.Reflection.Primitives (>= 4.3)
      System.Runtime (>= 4.3)
    System.Reflection.Extensions (4.3)
      Microsoft.NETCore.Platforms (>= 1.1)
      Microsoft.NETCore.Targets (>= 1.1)
      System.Reflection (>= 4.3)
      System.Runtime (>= 4.3)
    System.Reflection.Primitives (4.3)
      Microsoft.NETCore.Platforms (>= 1.1)
      Microsoft.NETCore.Targets (>= 1.1)
      System.Runtime (>= 4.3)
    System.Resources.ResourceManager (4.3)
      Microsoft.NETCore.Platforms (>= 1.1)
      Microsoft.NETCore.Targets (>= 1.1)
      System.Globalization (>= 4.3)
      System.Reflection (>= 4.3)
      System.Runtime (>= 4.3)
    System.Runtime (4.3.1)
      Microsoft.NETCore.Platforms (>= 1.1.1)
      Microsoft.NETCore.Targets (>= 1.1.3)
    System.Runtime.Handles (4.3)
      Microsoft.NETCore.Platforms (>= 1.1)
      Microsoft.NETCore.Targets (>= 1.1)
      System.Runtime (>= 4.3)
    System.Runtime.InteropServices (4.3)
      Microsoft.NETCore.Platforms (>= 1.1)
      Microsoft.NETCore.Targets (>= 1.1)
      System.Reflection (>= 4.3)
      System.Reflection.Primitives (>= 4.3)
      System.Runtime (>= 4.3)
      System.Runtime.Handles (>= 4.3)
    System.Runtime.InteropServices.RuntimeInformation (4.3)
      runtime.native.System (>= 4.3)
      System.Reflection (>= 4.3)
      System.Reflection.Extensions (>= 4.3)
      System.Resources.ResourceManager (>= 4.3)
      System.Runtime (>= 4.3)
      System.Runtime.InteropServices (>= 4.3)
      System.Threading (>= 4.3)
    System.Security.AccessControl (5.0)
      Microsoft.NETCore.Platforms (>= 5.0)
      System.Security.Principal.Windows (>= 5.0)
    System.Security.Principal.Windows (5.0)
    System.ServiceProcess.ServiceController (5.0)
      System.Diagnostics.EventLog (>= 5.0)
    System.Text.Encoding (4.3)
      Microsoft.NETCore.Platforms (>= 1.1)
      Microsoft.NETCore.Targets (>= 1.1)
      System.Runtime (>= 4.3)
    System.Threading (4.3)
      System.Runtime (>= 4.3)
      System.Threading.Tasks (>= 4.3)
    System.Threading.Tasks (4.3)
      Microsoft.NETCore.Platforms (>= 1.1)
      Microsoft.NETCore.Targets (>= 1.1)
      System.Runtime (>= 4.3)
    Topshelf (4.3)
      System.Runtime.InteropServices.RuntimeInformation (>= 4.3)
      TopShelf.ServiceInstaller (>= 4.3)
    Topshelf.FSharp (3.0)
      Topshelf (>= 4.0.2)
    TopShelf.ServiceInstaller (4.3)
      Microsoft.Win32.Registry (>= 4.7)
      Microsoft.Win32.SystemEvents (>= 4.7)
      System.ServiceProcess.ServiceController (>= 4.7)

GROUP SourceLink
STORAGE: NONE
NUGET
  remote: https://api.nuget.org/v3/index.json
    SourceLink.Create.CommandLine (2.7.2)
    SourceLink.Embed.PaketFiles (2.7.2)
