FRAMEWORK: NET45
NUGET
  remote: https://www.nuget.org/api/v2
    DotLiquid (2.0.55)
    FSharp.Core (3.1.2.5)
    Fuchu (1.0.3)
      FSharp.Core (>= 3.1.2.1)
    Microsoft.AspNet.Razor (3.2.3)
    openssl.redist (1.0.1.25)
    RazorEngine (3.9)
      Microsoft.AspNet.Razor (>= 3.0)
GITHUB
  remote: haf/YoLo
    YoLo.fs (11023b9fcd2c1d28a7a0c0de5609647e3e1b03ce)
  remote: logary/logary
    src/Logary.Facade/Facade.fs (a131dce06cd491e75db74b7c2467d84814d81200)
GROUP Build
NUGET
  remote: https://www.nuget.org/api/v2
    NuGet.CommandLine (3.4.3)

GROUP Docs
FRAMEWORK: NET45
NUGET
  remote: https://www.nuget.org/api/v2
    Argu (3.3)
    FSharp.Core (4.0.0.1) - redirects: force
    FsLibTool (0.1.1)
      FSharp.Core (>= 4.0.0.1)
      PPrint (>= 1.4.3)
    PPrint (2.0)
      FSharp.Core (>= 3.1.2.5)

GROUP Examples
FRAMEWORK: NET45
NUGET
  remote: https://www.nuget.org/api/v2
    Aether (8.1.2)
    Anat (1.0)
    Chiron (6.2.1)
      Aether (>= 8.0.2 < 9.0)
      FParsec (>= 1.0 < 2.0)
    FParsec (1.0.2)
    Freya (3.0.0-rc01)
      Freya.Machines.Http (>= 3.0.0-rc < 3.1.0-rc)
      Freya.Machines.Http.Cors (>= 3.0.0-rc < 3.1.0-rc)
      Freya.Machines.Http.Patch (>= 3.0.0-rc < 3.1.0-rc)
      Freya.Routers.Uri.Template (>= 3.0.0-rc < 3.1.0-rc)
    Freya.Core (3.0.0-rc07)
      Aether (>= 8.1 < 9.0)
    Freya.Machines (3.0.0-rc03)
      Aether (>= 8.1 < 9.0)
      Freya.Core (>= 3.0.0-rc < 3.1.0-rc)
      Hephaestus (>= 5.0 < 6.0)
    Freya.Machines.Http (3.0.0-rc05)
      Aether (>= 8.1 < 9.0)
      Freya.Core (>= 3.0.0-rc < 3.1.0-rc)
      Freya.Machines (>= 3.0.0-rc03)
      Freya.Optics.Http (>= 3.0.0-rc < 3.1.0-rc)
      Freya.Types.Http (>= 3.0.0-rc < 3.1.0-rc)
      Freya.Types.Language (>= 3.0.0-rc < 3.1.0-rc)
      Hephaestus (>= 5.0 < 6.0)
    Freya.Machines.Http.Cors (3.0.0-rc02)
      Aether (>= 8.1 < 9.0)
      Freya.Core (>= 3.0.0-rc < 3.1.0-rc)
      Freya.Machines (>= 3.0.0-rc03)
      Freya.Machines.Http (>= 3.0.0-rc05)
      Freya.Optics.Http (>= 3.0.0-rc < 3.1.0-rc)
      Freya.Optics.Http.Cors (>= 3.0.0-rc < 3.1.0-rc)
      Freya.Types.Http (>= 3.0.0-rc < 3.1.0-rc)
      Freya.Types.Http.Cors (>= 3.0.0-rc < 3.1.0-rc)
      Hephaestus (>= 5.0 < 6.0)
    Freya.Machines.Http.Patch (3.0.0-rc02)
      Aether (>= 8.1 < 9.0)
      Freya.Core (>= 3.0.0-rc < 3.1.0-rc)
      Freya.Machines (>= 3.0.0-rc03)
      Freya.Machines.Http (>= 3.0.0-rc05)
      Freya.Optics.Http (>= 3.0.0-rc < 3.1.0-rc)
      Freya.Optics.Http.Patch (>= 3.0.0-rc < 3.1.0-rc)
      Freya.Types.Http (>= 3.0.0-rc < 3.1.0-rc)
      Freya.Types.Http.Patch (>= 3.0.0-rc < 3.1.0-rc)
      Hephaestus (>= 5.0 < 6.0)
    Freya.Optics (3.0.0-rc02)
      Aether (>= 8.1 < 9.0)
    Freya.Optics.Http (3.0.0-rc02)
      Aether (>= 8.1 < 9.0)
      Freya.Core (>= 3.0.0-rc < 3.1.0-rc)
      Freya.Optics (>= 3.0.0-rc02)
      Freya.Types.Http (>= 3.0.0-rc < 3.1.0-rc)
      Freya.Types.Uri (>= 3.0.0-rc < 3.1.0-rc)
    Freya.Optics.Http.Cors (3.0.0-rc02)
      Aether (>= 8.1 < 9.0)
      Freya.Core (>= 3.0.0-rc < 3.1.0-rc)
      Freya.Optics (>= 3.0.0-rc02)
      Freya.Optics.Http (>= 3.0.0-rc02)
      Freya.Types.Http.Cors (>= 3.0.0-rc < 3.1.0-rc)
    Freya.Optics.Http.Patch (3.0.0-rc02)
      Aether (>= 8.1 < 9.0)
      Freya.Core (>= 3.0.0-rc < 3.1.0-rc)
      Freya.Optics (>= 3.0.0-rc02)
      Freya.Optics.Http (>= 3.0.0-rc02)
      Freya.Types.Http.Patch (>= 3.0.0-rc < 3.1.0-rc)
    Freya.Polyfills (3.0.0-rc02)
      Freya.Core (>= 3.0.0-rc < 3.1.0-rc)
    Freya.Routers (3.0.0-rc03)
      Aether (>= 8.1 < 9.0)
    Freya.Routers.Uri.Template (3.0.0-rc05)
      Aether (>= 8.1 < 9.0)
      Anat (>= 1.0 < 2.0)
      Freya.Core (>= 3.0.0-rc < 3.1.0-rc)
      Freya.Optics.Http (>= 3.0.0-rc < 3.1.0-rc)
      Freya.Polyfills (>= 3.0.0-rc < 3.1.0-rc)
      Freya.Routers (>= 3.0.0-rc03)
      Freya.Types.Http (>= 3.0.0-rc < 3.1.0-rc)
      Freya.Types.Uri (>= 3.0.0-rc < 3.1.0-rc)
      Freya.Types.Uri.Template (>= 3.0.0-rc < 3.1.0-rc)
    Freya.Types (3.0.0-rc01)
      FParsec (>= 1.0 < 2.0)
    Freya.Types.Http (3.0.0-rc01)
      FParsec (>= 1.0 < 2.0)
      Freya.Types (>= 3.0.0-rc01)
      Freya.Types.Language (>= 3.0.0-rc01)
      Freya.Types.Uri (>= 3.0.0-rc01)
    Freya.Types.Http.Cors (3.0.0-rc01)
      FParsec (>= 1.0 < 2.0)
      Freya.Types (>= 3.0.0-rc01)
      Freya.Types.Http (>= 3.0.0-rc01)
      Freya.Types.Language (>= 3.0.0-rc01)
      Freya.Types.Uri (>= 3.0.0-rc01)
    Freya.Types.Http.Patch (3.0.0-rc01)
      FParsec (>= 1.0 < 2.0)
      Freya.Types (>= 3.0.0-rc01)
      Freya.Types.Http (>= 3.0.0-rc01)
      Freya.Types.Language (>= 3.0.0-rc01)
      Freya.Types.Uri (>= 3.0.0-rc01)
    Freya.Types.Language (3.0.0-rc01)
      FParsec (>= 1.0 < 2.0)
      Freya.Types (>= 3.0.0-rc01)
    Freya.Types.Uri (3.0.0-rc01)
      FParsec (>= 1.0 < 2.0)
      Freya.Types (>= 3.0.0-rc01)
    Freya.Types.Uri.Template (3.0.0-rc03)
      FParsec (>= 1.0 < 2.0)
      Freya.Types (>= 3.0.0-rc01)
      Freya.Types.Uri (>= 3.0.0-rc01)
    FSharp.Core (4.0.0.1) - redirects: force
    Hekate (3.2)
      Aether (>= 8.0.2 < 9.0)
    Hephaestus (5.0)
      Aether (>= 8.1 < 9.0)
      Anat (>= 1.0 < 2.0)
      Hekate (>= 3.2 < 4.0)
    IdentityServer3 (2.5.4)
      Owin (>= 1.0)
    Microsoft.Owin (3.0.1)
      Owin (>= 1.0)
    Microsoft.Owin.Hosting (3.0.1)
      Microsoft.Owin (>= 3.0.1)
      Owin (>= 1.0)
    Nancy (1.4.3)
    Nancy.Owin (1.4.1)
      Nancy (>= 1.4.1)
      Owin (>= 1.0)
    Owin (1.0)
    Topshelf (3.3.1)
    Topshelf.FSharp (2.1)
      Topshelf (>= 3.2)
GITHUB
  remote: haf/YoLo
    YoLo.fs (11023b9fcd2c1d28a7a0c0de5609647e3e1b03ce)
GROUP Tests
FRAMEWORK: NET45
NUGET
  remote: https://www.nuget.org/api/v2
    DotLiquid (2.0.55)
    FsCheck (2.1)
      FSharp.Core (>= 3.1.2.5)
    FSharp.Charting (0.90.14)
    FSharp.Core (4.0.0.1) - redirects: force
    Fuchu (1.0.3)
      FSharp.Core (>= 3.1.2.1)
    Fuchu.FsCheck (1.0.1)
      FsCheck (>= 2.1)
      FSharp.Core (>= 3.1.2.5)
      Fuchu (>= 1.0.1)
    Fuchu.PerfUtil (1.0.3)
      FSharp.Core (>= 3.1.2.1)
      Fuchu (>= 1.0.3)
      PerfUtil (>= 0.1.8)
    Hopac (0.3.23)
      FSharp.Core (>= 3.1.2.5)
    Http.fs (4.1)
      FSharp.Core (>= 3.1.2.5)
      Hopac (>= 0.3.21)
    HttpTwo (0.0.1.19)
    PerfUtil (0.1.8)
    WebSocketSharp (1.0.3-rc11)
