FRAMEWORK: NET461
NUGET
  remote: https://www.nuget.org/api/v2
    Argu (3.3)
    DotLiquid (2.0.55)
    Expecto (1.1)
      Argu (>= 3.2)
      FSharp.Core (>= 3.1.2.5)
    FSharp.Core (3.1.2.5)
    Microsoft.AspNet.Razor (3.2.3)
    openssl.redist (1.0.1.25)
    RazorEngine (3.9.1)
      Microsoft.AspNet.Razor (>= 3.0)
GITHUB
  remote: haf/YoLo
    YoLo.fs (11023b9fcd2c1d28a7a0c0de5609647e3e1b03ce)
  remote: logary/logary
    src/Logary.Facade/Facade.fs (89b51091038edf74951cfce10ae022d41177bd3f)
GROUP Build
NUGET
  remote: https://www.nuget.org/api/v2
    NuGet.CommandLine (3.4.3)

GROUP Docs
FRAMEWORK: NET461
NUGET
  remote: https://www.nuget.org/api/v2
    Argu (3.3)
    FSharp.Core (4.0.0.1) - redirects: force
    FsLibTool (0.1.1)
      FSharp.Core (>= 4.0.0.1)
      PPrint (>= 1.4.3)
    PPrint (2.0)
      FSharp.Core (>= 3.1.2.5)

GROUP Examples
FRAMEWORK: NET461
NUGET
  remote: https://www.nuget.org/api/v2
    Aether (8.1.2)
    Arachne.Core (3.0)
      FParsec (>= 1.0 < 2.0)
    Arachne.Http (3.0)
      Arachne.Core (>= 3.0)
      Arachne.Language (>= 3.0)
      Arachne.Uri (>= 3.0)
      FParsec (>= 1.0 < 2.0)
    Arachne.Http.Cors (3.0)
      Arachne.Core (>= 3.0)
      Arachne.Http (>= 3.0)
      Arachne.Language (>= 3.0)
      Arachne.Uri (>= 3.0)
      FParsec (>= 1.0 < 2.0)
    Arachne.Language (3.0)
      Arachne.Core (>= 3.0)
      FParsec (>= 1.0 < 2.0)
    Arachne.Uri (3.0)
      Arachne.Core (>= 3.0)
      FParsec (>= 1.0 < 2.0)
    Arachne.Uri.Template (3.0)
      Arachne.Core (>= 3.0)
      Arachne.Uri (>= 3.0)
      FParsec (>= 1.0 < 2.0)
    Chiron (6.2.1)
      Aether (>= 8.0.2 < 9.0)
      FParsec (>= 1.0 < 2.0)
    FParsec (1.0.2)
    Freya (3.0.0-b300)
      Freya.Core (>= 3.0.0-b300)
      Freya.Lenses.Http (>= 3.0.0-b300)
      Freya.Lenses.Http.Cors (>= 3.0.0-b300)
      Freya.Machine (>= 3.0.0-b300)
      Freya.Machine.Extensions.Http (>= 3.0.0-b300)
      Freya.Machine.Extensions.Http.Cors (>= 3.0.0-b300)
      Freya.Machine.Router (>= 3.0.0-b300)
      Freya.Recorder (>= 3.0.0-b300)
      Freya.Router (>= 3.0.0-b300)
    Freya.Core (3.0.0-b300)
      Aether (>= 8.1 < 9.0)
    Freya.Lenses.Http (3.0.0-b300)
      Aether (>= 8.1 < 9.0)
      Arachne.Http (>= 3.0)
      Freya.Core (>= 3.0.0-b300)
    Freya.Lenses.Http.Cors (3.0.0-b300)
      Aether (>= 8.1 < 9.0)
      Arachne.Http.Cors (>= 3.0)
      Freya.Core (>= 3.0.0-b300)
      Freya.Lenses.Http (>= 3.0.0-b300)
    Freya.Machine (3.0.0-b300)
      Aether (>= 8.1 < 9.0)
      Freya.Core (>= 3.0.0-b300)
      Freya.Recorder (>= 3.0.0-b300)
      Hekate (>= 3.0 < 4.0)
    Freya.Machine.Extensions.Http (3.0.0-b300)
      Aether (>= 8.1 < 9.0)
      Arachne.Http (>= 3.0)
      Arachne.Language (>= 3.0)
      Freya.Core (>= 3.0.0-b300)
      Freya.Lenses.Http (>= 3.0.0-b300)
      Freya.Machine (>= 3.0.0-b300)
      Freya.Recorder (>= 3.0.0-b300)
    Freya.Machine.Extensions.Http.Cors (3.0.0-b300)
      Aether (>= 8.1 < 9.0)
      Arachne.Http.Cors (>= 3.0)
      Freya.Core (>= 3.0.0-b300)
      Freya.Lenses.Http (>= 3.0.0-b300)
      Freya.Lenses.Http.Cors (>= 3.0.0-b300)
      Freya.Machine (>= 3.0.0-b300)
      Freya.Machine.Extensions.Http (>= 3.0.0-b300)
      Freya.Recorder (>= 3.0.0-b300)
    Freya.Machine.Router (3.0.0-b300)
      Arachne.Http (>= 3.0)
      Arachne.Uri.Template (>= 3.0)
      Freya.Core (>= 3.0.0-b300)
      Freya.Lenses.Http (>= 3.0.0-b300)
      Freya.Recorder (>= 3.0.0-b300)
      Freya.Router (>= 3.0.0-b300)
    Freya.Recorder (3.0.0-b300)
      Aether (>= 8.1 < 9.0)
      Freya.Core (>= 3.0.0-b300)
    Freya.Router (3.0.0-b300)
      Aether (>= 8.1 < 9.0)
      Arachne.Http (>= 3.0)
      Arachne.Uri.Template (>= 3.0)
      Freya.Core (>= 3.0.0-b300)
      Freya.Lenses.Http (>= 3.0.0-b300)
      Freya.Recorder (>= 3.0.0-b300)
      Hekate (>= 3.0 < 4.0)
    FSharp.Core (4.0.0.1) - redirects: force
    Hekate (3.2)
      Aether (>= 8.0.2 < 9.0)
    IdentityServer3 (2.5.4)
      Owin (>= 1.0)
    Microsoft.Owin (3.0.1)
      Owin (>= 1.0)
    Microsoft.Owin.Hosting (3.0.1)
      Microsoft.Owin (>= 3.0.1)
      Owin (>= 1.0)
    Nancy (1.4.3)
    Nancy.Owin (1.4.1)
      Nancy (>= 1.4.1)
      Owin (>= 1.0)
    Owin (1.0)
    Topshelf (3.3.1)
    Topshelf.FSharp (2.1)
      Topshelf (>= 3.2)
GITHUB
  remote: haf/YoLo
    YoLo.fs (11023b9fcd2c1d28a7a0c0de5609647e3e1b03ce)
GROUP Tests
FRAMEWORK: NET461
NUGET
  remote: https://www.nuget.org/api/v2
    Argu (3.3)
    BenchmarkDotNet (0.9.9)
      BenchmarkDotNet.Toolchains.Roslyn (>= 0.9.9)
    BenchmarkDotNet.Core (0.9.9)
      System.Threading.Tasks.Extensions (>= 4.0)
    BenchmarkDotNet.Toolchains.Roslyn (0.9.9)
      BenchmarkDotNet.Core (>= 0.9.9)
      Microsoft.CodeAnalysis.CSharp (>= 1.3.2)
      System.Threading.Tasks (>= 4.0)
    DotLiquid (2.0.55)
    Expecto (1.1)
      Argu (>= 3.2)
      FSharp.Core (>= 3.1.2.5)
    Expecto.BenchmarkDotNet (1.1)
      BenchmarkDotNet (>= 0.9.9)
      Expecto (>= 1.1)
      FSharp.Core (>= 3.1.2.5)
    Expecto.FsCheck (1.1)
      Expecto (>= 1.1)
      FsCheck (>= 2.6.2)
      FSharp.Core (>= 3.1.2.5)
    FsCheck (2.6.2)
      FSharp.Core (>= 3.1.2.5)
    FSharp.Charting (0.90.14)
    FSharp.Core (4.0.0.1) - redirects: force
    Hopac (0.3.23)
      FSharp.Core (>= 3.1.2.5)
    Http.fs (4.1)
      FSharp.Core (>= 3.1.2.5)
      Hopac (>= 0.3.21)
    Microsoft.CodeAnalysis.Analyzers (1.1)
    Microsoft.CodeAnalysis.Common (1.3.2)
      Microsoft.CodeAnalysis.Analyzers (>= 1.1)
      System.AppContext (>= 4.1)
      System.Collections (>= 4.0.11)
      System.Collections.Concurrent (>= 4.0.12)
      System.Collections.Immutable (>= 1.1.37)
      System.Collections.Immutable (>= 1.2)
      System.Console (>= 4.0)
      System.Diagnostics.Debug (>= 4.0.11)
      System.Diagnostics.FileVersionInfo (>= 4.0)
      System.Diagnostics.StackTrace (>= 4.0.1)
      System.Diagnostics.Tools (>= 4.0.1)
      System.Dynamic.Runtime (>= 4.0.11)
      System.Globalization (>= 4.0.11)
      System.IO.FileSystem (>= 4.0.1)
      System.IO.FileSystem.Primitives (>= 4.0.1)
      System.Linq (>= 4.1)
      System.Linq.Expressions (>= 4.1)
      System.Reflection (>= 4.1)
      System.Reflection.Metadata (>= 1.2)
      System.Reflection.Metadata (>= 1.3)
      System.Reflection.Primitives (>= 4.0.1)
      System.Resources.ResourceManager (>= 4.0.1)
      System.Runtime (>= 4.1)
      System.Runtime.Extensions (>= 4.1)
      System.Runtime.Handles (>= 4.0.1)
      System.Runtime.InteropServices (>= 4.1)
      System.Runtime.Numerics (>= 4.0.1)
      System.Security.Cryptography.Algorithms (>= 4.2)
      System.Security.Cryptography.Encoding (>= 4.0)
      System.Security.Cryptography.X509Certificates (>= 4.1)
      System.Text.Encoding (>= 4.0.11)
      System.Text.Encoding.CodePages (>= 4.0.1)
      System.Text.Encoding.Extensions (>= 4.0.11)
      System.Threading (>= 4.0.11)
      System.Threading.Tasks (>= 4.0.11)
      System.Threading.Tasks.Parallel (>= 4.0.1)
      System.Threading.Thread (>= 4.0)
      System.Xml.ReaderWriter (>= 4.0.11)
      System.Xml.XDocument (>= 4.0.11)
      System.Xml.XmlDocument (>= 4.0.1)
      System.Xml.XPath.XDocument (>= 4.0.1)
    Microsoft.CodeAnalysis.CSharp (1.3.2)
      Microsoft.CodeAnalysis.Common (1.3.2)
    System.AppContext (4.1)
    System.Collections (4.0.11)
    System.Collections.Concurrent (4.0.12)
    System.Collections.Immutable (1.2)
    System.Console (4.0)
    System.Diagnostics.Debug (4.0.11)
    System.Diagnostics.FileVersionInfo (4.0)
    System.Diagnostics.StackTrace (4.0.1)
    System.Diagnostics.Tools (4.0.1)
    System.Dynamic.Runtime (4.0.11)
    System.Globalization (4.0.11)
    System.IO.FileSystem (4.0.1)
      System.IO.FileSystem.Primitives (>= 4.0.1)
    System.IO.FileSystem.Primitives (4.0.1)
    System.Linq (4.1)
    System.Linq.Expressions (4.1)
    System.Reflection (4.1)
    System.Reflection.Metadata (1.3)
      System.Collections.Immutable (>= 1.2)
    System.Reflection.Primitives (4.0.1)
    System.Resources.ResourceManager (4.0.1)
    System.Runtime (4.1)
    System.Runtime.Extensions (4.1)
    System.Runtime.Handles (4.0.1)
    System.Runtime.InteropServices (4.1)
    System.Runtime.Numerics (4.0.1)
    System.Security.Cryptography.Algorithms (4.2)
      System.Security.Cryptography.Primitives (>= 4.0)
    System.Security.Cryptography.Encoding (4.0)
    System.Security.Cryptography.Primitives (4.0)
    System.Security.Cryptography.X509Certificates (4.1)
      System.Security.Cryptography.Algorithms (>= 4.2)
      System.Security.Cryptography.Encoding (>= 4.0)
    System.Text.Encoding (4.0.11)
    System.Text.Encoding.CodePages (4.0.1)
    System.Text.Encoding.Extensions (4.0.11)
    System.Threading (4.0.11)
    System.Threading.Tasks (4.0.11)
    System.Threading.Tasks.Extensions (4.0)
    System.Threading.Tasks.Parallel (4.0.1)
    System.Threading.Thread (4.0)
    System.Xml.ReaderWriter (4.0.11)
    System.Xml.XDocument (4.0.11)
    System.Xml.XmlDocument (4.0.1)
    System.Xml.XPath (4.0.1)
    System.Xml.XPath.XDocument (4.0.1)
      System.Xml.XPath (>= 4.0.1)
    WebSocketSharp (1.0.3-rc11)
