NUGET
  remote: https://nuget.org/api/v2
  specs:
    FsCheck (1.0.3)
    FSharp.Charting (0.90.8)
    FSharp.Core (3.1.2.1)
    FsPickler (1.0.6)
    Fuchu-suave (0.6.1)
      FSharp.Core (>= 3.1.2.1)
    Fuchu-suave.FsCheck (0.5.0)
      FsCheck (>= 0.9.2.0)
      Fuchu-suave (>= 0.5.0)
    Fuchu-suave.PerfUtil (0.6.1)
      FSharp.Core (>= 3.1.2.1)
      Fuchu-suave (>= 0.6.1)
      PerfUtil (>= 0.1.8)
    Http.fs (1.4.0)
    Microsoft.AspNet.Razor (3.2.2)
    NuGet.CommandLine (2.8.3)
    openssl.redist (1.0.1.25)
    PerfUtil (0.1.8)
    RazorEngine (3.4.2)
      Microsoft.AspNet.Razor (>= 3.0.0)
