NUGET
  remote: https://nuget.org/api/v2
  specs:
    FAKE (3.23.0)
    FSharp.Compiler.Service (0.0.86)
    FSharp.Formatting (2.7.4)
      FSharp.Compiler.Service (>= 0.0.82)
      FSharpVSPowerTools.Core (>= 1.7.0)
    FSharpVSPowerTools.Core (1.7.0)
      FSharp.Compiler.Service (>= 0.0.81)
